GIT
  remote: https://github.com/schacon/showoff.git
  revision: 52d064a3c653fb90a9cf6f069ff16f4c76942ce6
  branch: master
  specs:
    showoff (0.7.0)
      gli (>= 1.3.2)
      json
      nokogiri
      parslet
      redcarpet
      sinatra (~> 1.3)

GEM
  remote: http://rubygems.org/
  specs:
    blankslate (2.1.2.4)
    daemons (1.1.8)
    eventmachine (0.12.10)
    gli (1.6.0)
    json (1.7.1)
    nokogiri (1.5.2)
    parslet (1.3.0)
      blankslate (~> 2.0)
    pdfkit (0.5.2)
    rack (1.4.1)
    rack-protection (1.2.0)
      rack
    redcarpet (2.1.1)
    rmagick (2.13.1)
    sinatra (1.3.2)
      rack (~> 1.3, >= 1.3.6)
      rack-protection (~> 1.2)
      tilt (~> 1.3, >= 1.3.3)
    thin (1.3.1)
      daemons (>= 1.0.9)
      eventmachine (>= 0.12.6)
      rack (>= 1.0.0)
    tilt (1.3.3)
    wkhtmltopdf-binary (0.9.5.3)

PLATFORMS
  ruby

DEPENDENCIES
  pdfkit
  rmagick
  showoff!
  thin
  wkhtmltopdf-binary
